GEM
  remote: https://rubygems.org/
  specs:
    cross_origin (0.0.2)
    json (2.6.0)
    mysql2 (0.5.3)
    rack (2.2.3)
    sinatra (1.0)
      rack (>= 1.0)
    sinatra-cross_origin (0.4.0)

PLATFORMS
  ruby

DEPENDENCIES
  cross_origin
  json
  mysql2
  rack
  sinatra (= 1.0)
  sinatra-cross_origin

RUBY VERSION
   ruby 2.7.2p137

BUNDLED WITH
   2.1.4
