GEM
  remote: https://rubygems.org/
  specs:
    cross_origin (0.0.2)
    json (2.6.0)
    mustermann (1.1.1)
      ruby2_keywords (~> 0.0.1)
    mysql2 (0.5.3)
    rack (2.2.3)
    rack-protection (2.1.0)
      rack
    ruby2_keywords (0.0.5)
    sinatra (2.1.0)
      mustermann (~> 1.0)
      rack (~> 2.2)
      rack-protection (= 2.1.0)
      tilt (~> 2.0)
    sinatra-cross_origin (0.4.0)
    tilt (2.0.10)

PLATFORMS
  ruby

DEPENDENCIES
  cross_origin (= 0.0.2)
  json (= 2.6.0)
  mysql2 (= 0.5.3)
  rack (= 2.2.3)
  sinatra (= 2.1.0)
  sinatra-cross_origin (= 0.4.0)

RUBY VERSION
   ruby 2.7.2p137

BUNDLED WITH
   2.1.4
