GEM
  remote: https://rubygems.org/
  specs:
    cross_origin (0.0.2)
    json (2.6.0)
    mysql2 (0.5.3)
    rack (2.2.3)
    sinatra (1.0)
      rack (>= 1.0)

PLATFORMS
  x86_64-linux

DEPENDENCIES
  cross_origin
  json
  mysql2
  sinatra (= 1.0)

BUNDLED WITH
   2.2.29
